GIT
  remote: git://github.com/saarons/shinobi.git
  revision: 38b85b089b434d3345acd10216de1cb634cd026f
  specs:
    shinobi (0.2.3)
      cups
      multi_json

GEM
  remote: http://rubygems.org/
  specs:
    actionmailer (3.2.13)
      actionpack (= 3.2.13)
      mail (~> 2.5.3)
    actionpack (3.2.13)
      activemodel (= 3.2.13)
      activesupport (= 3.2.13)
      builder (~> 3.0.0)
      erubis (~> 2.7.0)
      journey (~> 1.0.4)
      rack (~> 1.4.5)
      rack-cache (~> 1.2)
      rack-test (~> 0.6.1)
      sprockets (~> 2.2.1)
    activemodel (3.2.13)
      activesupport (= 3.2.13)
      builder (~> 3.0.0)
    activerecord (3.2.13)
      activemodel (= 3.2.13)
      activesupport (= 3.2.13)
      arel (~> 3.0.2)
      tzinfo (~> 0.3.29)
    activeresource (3.2.13)
      activemodel (= 3.2.13)
      activesupport (= 3.2.13)
    activesupport (3.2.13)
      i18n (= 0.6.1)
      multi_json (~> 1.0)
    arel (3.0.2)
    bootstrap-sass-rails (3.0.0.2)
      railties (>= 3.1.0)
      sass-rails (>= 3.1.0)
    builder (3.0.4)
    coffee-rails (3.2.2)
      coffee-script (>= 2.2.0)
      railties (~> 3.2.0)
    coffee-script (2.2.0)
      coffee-script-source
      execjs
    coffee-script-source (1.6.3)
    cups (0.1.7)
    daemon-spawn (0.4.2)
    daemons (1.1.9)
    dalli (2.6.4)
    dotenv (0.9.0)
    erubis (2.7.0)
    eventmachine (1.0.3)
    excon (0.25.3)
    execjs (2.0.1)
    foreman (0.63.0)
      dotenv (>= 0.7)
      thor (>= 0.13.6)
    gon (4.1.1)
      actionpack (>= 2.3.0)
      json
    haml (4.0.3)
      tilt
    hike (1.2.3)
    httpclient (2.3.4.1)
    i18n (0.6.1)
    journey (1.0.4)
    jquery-rails (3.0.4)
      railties (>= 3.0, < 5.0)
      thor (>= 0.14, < 2.0)
    json (1.8.0)
    kgio (2.8.0)
    mail (2.5.4)
      mime-types (~> 1.16)
      treetop (~> 1.4.8)
    mime-types (1.25)
    mina (0.3.0)
      open4
      rake
    mono_logger (1.1.0)
    multi_json (1.8.2)
    mysql2 (0.3.13)
    nokogiri (1.5.10)
    open4 (1.3.0)
    polyglot (0.3.3)
    pusher (0.12.0)
      httpclient (~> 2.3.0)
      multi_json (~> 1.0)
      signature (~> 0.1.6)
    rack (1.4.5)
    rack-cache (1.2)
      rack (>= 0.4)
    rack-protection (1.5.0)
      rack
    rack-ssl (1.3.3)
      rack
    rack-test (0.6.2)
      rack (>= 1.0)
    rails (3.2.13)
      actionmailer (= 3.2.13)
      actionpack (= 3.2.13)
      activerecord (= 3.2.13)
      activeresource (= 3.2.13)
      activesupport (= 3.2.13)
      bundler (~> 1.0)
      railties (= 3.2.13)
    railties (3.2.13)
      actionpack (= 3.2.13)
      activesupport (= 3.2.13)
      rack-ssl (~> 1.3.2)
      rake (>= 0.8.7)
      rdoc (~> 3.4)
      thor (>= 0.14.6, < 2.0)
    raindrops (0.12.0)
    rake (10.1.0)
    rdoc (3.12.2)
      json (~> 1.4)
    redis (3.0.4)
    redis-namespace (1.3.1)
      redis (~> 3.0.0)
    resque (1.24.1)
      mono_logger (~> 1.0)
      multi_json (~> 1.0)
      redis-namespace (~> 1.2)
      sinatra (>= 0.9.2)
      vegas (~> 0.1.2)
    resque-scheduler (2.0.1)
      redis (>= 2.0.1)
      resque (>= 1.20.0)
      rufus-scheduler
    rufus-scheduler (2.0.24)
      tzinfo (>= 0.3.22)
    sass (3.2.10)
    sass-rails (3.2.6)
      railties (~> 3.2.0)
      sass (>= 3.1.10)
      tilt (~> 1.3)
    signature (0.1.7)
    sinatra (1.4.3)
      rack (~> 1.4)
      rack-protection (~> 1.4)
      tilt (~> 1.3, >= 1.3.4)
    sprockets (2.2.2)
      hike (~> 1.2)
      multi_json (~> 1.0)
      rack (~> 1.0)
      tilt (~> 1.1, != 1.3.0)
    thin (1.5.1)
      daemons (>= 1.0.9)
      eventmachine (>= 0.12.6)
      rack (>= 1.0.0)
    thor (0.18.1)
    tilt (1.4.1)
    treetop (1.4.15)
      polyglot
      polyglot (>= 0.3.1)
    tzinfo (0.3.37)
    uglifier (2.2.1)
      execjs (>= 0.3.0)
      multi_json (~> 1.0, >= 1.0.2)
    unicorn (4.6.3)
      kgio (~> 2.6)
      rack
      raindrops (~> 0.7)
    vegas (0.1.11)
      rack (>= 1.0.0)

PLATFORMS
  ruby

DEPENDENCIES
  bootstrap-sass-rails
  coffee-rails (~> 3.2.1)
  daemon-spawn
  dalli
  excon
  execjs
  foreman
  gon
  haml
  jquery-rails
  mina
  mysql2
  nokogiri (~> 1.5.10)
  pusher
  rails (= 3.2.13)
  redis
  resque
  resque-scheduler
  sass-rails (~> 3.2.3)
  shinobi!
  thin
  uglifier (>= 1.0.3)
  unicorn
